GEM
  remote: https://rubygems.org/
  specs:
    bson (1.11.1)
    chronic (0.10.2)
    mongo (1.11.1)
      bson (= 1.11.1)
    rack (1.5.2)
    rack-protection (1.5.3)
      rack
    shotgun (0.9)
      rack (>= 1.0)
    sinatra (1.4.5)
      rack (~> 1.4)
      rack-protection (~> 1.4)
      tilt (~> 1.3, >= 1.3.4)
    sinatra-cross_origin (0.3.2)
    tilt (1.4.1)
    whenever (0.9.4)
      chronic (>= 0.6.3)

PLATFORMS
  ruby

DEPENDENCIES
  mongo
  shotgun
  sinatra
  sinatra-cross_origin (~> 0.3.1)
  whenever
